GIT
  remote: git://github.com/eostrom/tumblr.git
  revision: 4a6eb0bf71e755566c22d384d08e4efbe4460e5f
  specs:
    tumblr-rb (1.3.0)
      highline (>= 1.5.2)
      weary (>= 0.7.1)

GEM
  remote: http://rubygems.org/
  specs:
    activemodel (3.0.9)
      activesupport (= 3.0.9)
      builder (~> 2.1.2)
      i18n (~> 0.5.0)
    activesupport (3.0.9)
    archive-tar-minitar (0.5.2)
    autotest (4.3.2)
    autotest-fsevent (0.2.2)
      autotest (>= 4.2.4)
      sys-uname
    autotest-rails-pure (4.1.0)
    bson (1.3.1)
    bson_ext (1.3.1)
    builder (2.1.2)
    columnize (0.3.3)
    configuration (1.2.0)
    crack (0.1.8)
    cucumber (0.8.5)
      builder (~> 2.1.2)
      diff-lcs (~> 1.1.2)
      gherkin (~> 2.1.4)
      json_pure (~> 1.4.3)
      term-ansicolor (~> 1.0.4)
    cucumber-rails (0.3.2)
      cucumber (>= 0.8.0)
    database_cleaner (0.6.7)
    diff-lcs (1.1.2)
    fakeweb (1.3.0)
    gherkin (2.1.5)
      trollop (~> 1.16.2)
    haml (3.0.17)
    highline (1.6.2)
    i18n (0.5.0)
    json_pure (1.4.6)
    launchy (0.4.0)
      configuration (>= 0.0.5)
      rake (>= 0.8.1)
    linecache19 (0.5.12)
      ruby_core_source (>= 0.1.4)
    mongo (1.3.1)
      bson (>= 1.3.1)
    mongo_mapper (0.9.1)
      activemodel (~> 3.0)
      activesupport (~> 3.0)
      plucky (~> 0.3.8)
    nokogiri (1.4.3.1)
    oauth (0.4.4)
    plucky (0.3.8)
      mongo (~> 1.3)
    rack (1.2.1)
    rack-test (0.5.4)
      rack (>= 1.0)
    rake (0.8.7)
    require_all (1.2.0)
    rr (1.0.0)
    ruby-debug-base19 (0.11.25)
      columnize (>= 0.3.1)
      linecache19 (>= 0.5.11)
      ruby_core_source (>= 0.1.4)
    ruby-debug19 (0.11.6)
      columnize (>= 0.3.1)
      linecache19 (>= 0.5.11)
      ruby-debug-base19 (>= 0.11.19)
    ruby_core_source (0.1.5)
      archive-tar-minitar (>= 0.5.2)
    sinatra (1.0)
      rack (>= 1.0)
    sys-uname (0.8.4)
    term-ansicolor (1.0.5)
    trollop (1.16.2)
    vcr (1.10.0)
    weary (0.7.2)
      crack (>= 0.1.7)
      oauth (>= 0.3.5)
    webrat (0.7.1)
      nokogiri (>= 1.2.0)
      rack (>= 1.0)
      rack-test (>= 0.5.3)

PLATFORMS
  ruby

DEPENDENCIES
  autotest
  autotest-fsevent
  autotest-rails-pure
  bson_ext
  cucumber
  cucumber-rails
  database_cleaner
  fakeweb
  haml
  launchy
  mongo
  mongo_mapper
  rack-test
  require_all
  rr
  ruby-debug19
  sinatra
  tumblr-rb!
  vcr
  webrat
